GEM
  remote: https://rubygems.org/
  specs:
    amq-protocol (1.9.2)
    bson (1.10.0)
    bson_ext (1.10.0)
      bson (~> 1.10.0)
    bunny (1.2.1)
      amq-protocol (>= 1.9.2)
    json (1.8.1)
    macaddr (1.7.1)
      systemu (~> 2.6.2)
    mongo (1.10.0)
      bson (~> 1.10.0)
    rack (1.5.2)
    rack-protection (1.5.3)
      rack
    ruby-growl (4.1)
      uuid (~> 2.3, >= 2.3.5)
    sinatra (1.4.5)
      rack (~> 1.4)
      rack-protection (~> 1.4)
      tilt (~> 1.3, >= 1.3.4)
    systemu (2.6.4)
    tilt (1.4.1)
    uuid (2.3.7)
      macaddr (~> 1.0)

PLATFORMS
  x86-mingw32

DEPENDENCIES
  bson
  bson_ext
  bunny
  json
  mongo
  ruby-growl
  sinatra
